GEM
  remote: https://gems.ruby-china.com/
  specs:
    mina (1.2.3)
      open4 (~> 1.3.4)
      rake
    mina-multistage (1.0.3)
      mina (~> 1.0)
    open4 (1.3.4)
    rake (12.3.2)

PLATFORMS
  ruby

DEPENDENCIES
  mina
  mina-multistage

BUNDLED WITH
   1.16.2
